GEM
  remote: https://rubygems.org/
  specs:
    byebug (9.0.6)
    coderay (1.1.1)
    dotenv (2.1.1)
    method_source (0.8.2)
    multipart-post (2.0.0)
    pry (0.10.4)
      coderay (~> 1.1.0)
      method_source (~> 0.8.1)
      slop (~> 3.4)
    scorm_cloud (0.0.5)
      multipart-post
    slop (3.6.0)

PLATFORMS
  ruby

DEPENDENCIES
  byebug
  dotenv
  pry
  scorm_cloud

BUNDLED WITH
   1.12.5
